GEM
  remote: http://rubygems.org/
  specs:
    addressable (2.2.8)
    data_objects (0.10.8)
      addressable (~> 2.1)
    do_sqlite3 (0.10.8)
      data_objects (= 0.10.8)
    sqlite3 (1.3.6)

PLATFORMS
  ruby

DEPENDENCIES
  do_sqlite3
  sqlite3
